PATH
  remote: .
  specs:
    conway (0.1.0)

GEM
  remote: https://rubygems.org/
  specs:
    minitest (5.22.3)
    rake (13.2.1)

PLATFORMS
  x86_64-darwin-23

DEPENDENCIES
  conway!
  minitest (~> 5.0)
  rake (~> 13.0)

BUNDLED WITH
   2.4.10
